GEM
  remote: https://rubygems.org/
  specs:
    byebug (11.1.3)
    httparty (0.18.1)
      mime-types (~> 3.0)
      multi_xml (>= 0.5.2)
    mime-types (3.3.1)
      mime-types-data (~> 3.2015)
    mime-types-data (3.2020.0512)
    mini_portile2 (2.6.1)
    multi_xml (0.6.0)
    nokogiri (1.12.5)
      mini_portile2 (~> 2.6.1)
      racc (~> 1.4)
    nokogiri (1.12.5-x64-mingw32)
      racc (~> 1.4)
    racc (1.5.2)
    ruby-ole (1.2.12.2)
    spreadsheet (1.2.6)
      ruby-ole (>= 1.0)

PLATFORMS
  ruby
  x64-mingw32

DEPENDENCIES
  byebug
  httparty
  nokogiri
  spreadsheet

BUNDLED WITH
   1.17.2
